GEM
  remote: http://rubygems.org/
  specs:
    ffi (1.3.1)
    hallon (0.18.1)
      ref (~> 1.0)
      spotify (~> 12.3.0)
    libspotify (12.1.51.3)
    ref (1.0.4)
    spotify (12.3.0)
      ffi (~> 1.0, >= 1.0.11)
      libspotify (~> 12.1.51)

PLATFORMS
  ruby

DEPENDENCIES
  hallon
