GEM
  remote: http://rubygems.org/
  specs:
    em-websocket (0.5.0)
      eventmachine (>= 0.12.9)
      http_parser.rb (~> 0.5.3)
    eventmachine (1.0.3)
    ffi (1.8.1)
    hallon (0.18.2)
      ffi (~> 1.8)
      spotify (~> 12.5.1)
      weak_observable (~> 1.0)
    http_parser.rb (0.5.3)
    json (1.7.7)
    libspotify (12.1.51.3)
    rack (1.5.2)
    ref (1.0.4)
    spotify (12.5.1)
      ffi (~> 1.0, >= 1.0.11)
      libspotify (~> 12.1.51)
    weak_observable (1.0.1)
      ref (~> 1.0.0)

PLATFORMS
  ruby

DEPENDENCIES
  em-websocket
  hallon
  json
  rack
