GEM
  remote: http://rubygems.org/
  specs:
    daemons (1.1.9)
    em-websocket (0.5.0)
      eventmachine (>= 0.12.9)
      http_parser.rb (~> 0.5.3)
    eventmachine (1.0.3)
    ffi (1.3.1)
    hallon (0.18.1)
      ref (~> 1.0)
      spotify (~> 12.3.0)
    http_parser.rb (0.5.3)
    json (1.7.6)
    libspotify (12.1.51.3)
    rack (1.5.2)
    rack-protection (1.5.0)
      rack
    ref (1.0.4)
    sinatra (1.4.2)
      rack (~> 1.5, >= 1.5.2)
      rack-protection (~> 1.4)
      tilt (~> 1.3, >= 1.3.4)
    spotify (12.3.0)
      ffi (~> 1.0, >= 1.0.11)
      libspotify (~> 12.1.51)
    thin (1.5.1)
      daemons (>= 1.0.9)
      eventmachine (>= 0.12.6)
      rack (>= 1.0.0)
    tilt (1.3.7)

PLATFORMS
  ruby

DEPENDENCIES
  em-websocket
  hallon
  json
  rack
  sinatra
  thin
